GEM
  remote: https://rubygems.org/
  specs:
    git (1.3.0)
    inquirer (0.2.1)
      term-ansicolor (>= 1.2.2)
    term-ansicolor (1.6.0)
      tins (~> 1.0)
    tins (1.13.2)

PLATFORMS
  ruby

DEPENDENCIES
  git
  inquirer

BUNDLED WITH
   1.14.6
